GIT
  remote: https://github.com/nex3/sass.git
  revision: 8a93d8c65baabeb6f3251d560095ff83b52308bf
  ref: 8a93d8c65baabeb6f3251d560095ff83b52308bf
  specs:
    sass (3.2.0.alpha.0)

GIT
  remote: https://github.com/thoughtbot/bourbon.git
  revision: 0ec0115c0e58fadb73f37067ced6d8d8ce26a371
  ref: 0ec0115c0e58fadb73f37067ced6d8d8ce26a371
  specs:
    bourbon (2.0.0.rc1)
      sass (>= 3.1)

GEM
  remote: http://rubygems.org/
  specs:
    albino (1.3.3)
      posix-spawn (>= 0.3.6)
    classifier (1.3.3)
      fast-stemmer (>= 1.0.0)
    coffee-script (2.2.0)
      coffee-script-source
      execjs
    coffee-script-source (1.1.3)
    directory_watcher (1.4.1)
    execjs (1.2.9)
      multi_json (~> 1.0)
    fast-stemmer (1.0.1)
    haml (3.1.3)
    jekyll (0.11.2)
      albino (~> 1.3)
      classifier (~> 1.3)
      directory_watcher (~> 1.1)
      kramdown (~> 0.13)
      liquid (~> 2.3)
      maruku (~> 0.5)
    kramdown (0.13.5)
    liquid (2.3.0)
    maruku (0.6.0)
      syntax (>= 1.0.0)
    multi_json (1.0.3)
    posix-spawn (0.3.6)
    rubypants (0.2.0)
    syntax (1.0.0)
    typogruby (1.0.15)
      rubypants

PLATFORMS
  ruby

DEPENDENCIES
  bourbon!
  coffee-script
  haml
  jekyll
  sass!
  typogruby
